GIT
  remote: https://github.com/CruGlobal/raddocs.git
  revision: 2d1862f4310f992689fdd78d0dba54e561099724
  specs:
    raddocs (2.3.1)
      haml (>= 4.0)
      json
      sinatra

GEM
  remote: https://gems.contribsys.com/
  specs:
    sidekiq-pro (5.5.8)
      sidekiq (~> 6.0, >= 6.5.6)

GEM
  remote: https://rubygems.org/
  specs:
    action-cable-testing (0.6.1)
      actioncable (>= 5.0)
    actioncable (7.0.8.7)
      actionpack (= 7.0.8.7)
      activesupport (= 7.0.8.7)
      nio4r (~> 2.0)
      websocket-driver (>= 0.6.1)
    actionmailbox (7.0.8.7)
      actionpack (= 7.0.8.7)
      activejob (= 7.0.8.7)
      activerecord (= 7.0.8.7)
      activestorage (= 7.0.8.7)
      activesupport (= 7.0.8.7)
      mail (>= 2.7.1)
      net-imap
      net-pop
      net-smtp
    actionmailer (7.0.8.7)
      actionpack (= 7.0.8.7)
      actionview (= 7.0.8.7)
      activejob (= 7.0.8.7)
      activesupport (= 7.0.8.7)
      mail (~> 2.5, >= 2.5.4)
      net-imap
      net-pop
      net-smtp
      rails-dom-testing (~> 2.0)
    actionpack (7.0.8.7)
      actionview (= 7.0.8.7)
      activesupport (= 7.0.8.7)
      rack (~> 2.0, >= 2.2.4)
      rack-test (>= 0.6.3)
      rails-dom-testing (~> 2.0)
      rails-html-sanitizer (~> 1.0, >= 1.2.0)
    actiontext (7.0.8.7)
      actionpack (= 7.0.8.7)
      activerecord (= 7.0.8.7)
      activestorage (= 7.0.8.7)
      activesupport (= 7.0.8.7)
      globalid (>= 0.6.0)
      nokogiri (>= 1.8.5)
    actionview (7.0.8.7)
      activesupport (= 7.0.8.7)
      builder (~> 3.1)
      erubi (~> 1.4)
      rails-dom-testing (~> 2.0)
      rails-html-sanitizer (~> 1.1, >= 1.2.0)
    active_model_serializers (0.10.15)
      actionpack (>= 4.1)
      activemodel (>= 4.1)
      case_transform (>= 0.2)
      jsonapi-renderer (>= 0.1.1.beta1, < 0.3)
    active_storage_validations (3.0.1)
      activejob (>= 6.1.4)
      activemodel (>= 6.1.4)
      activestorage (>= 6.1.4)
      activesupport (>= 6.1.4)
      marcel (>= 1.0.3)
    activejob (7.0.8.7)
      activesupport (= 7.0.8.7)
      globalid (>= 0.3.6)
    activemodel (7.0.8.7)
      activesupport (= 7.0.8.7)
    activerecord (7.0.8.7)
      activemodel (= 7.0.8.7)
      activesupport (= 7.0.8.7)
    activestorage (7.0.8.7)
      actionpack (= 7.0.8.7)
      activejob (= 7.0.8.7)
      activerecord (= 7.0.8.7)
      activesupport (= 7.0.8.7)
      marcel (~> 1.0)
      mini_mime (>= 1.1.0)
    activesupport (7.0.8.7)
      concurrent-ruby (~> 1.0, >= 1.0.2)
      i18n (>= 1.6, < 2)
      minitest (>= 5.1)
      tzinfo (~> 2.0)
    addressable (2.8.7)
      public_suffix (>= 2.0.2, < 7.0)
    adobe-campaign (0.4.4)
      activesupport (>= 3.1.0)
      jwt (>= 1.0, < 3.0)
      rails (>= 3.1)
      rest-client (>= 1.6.0)
    aes_key_wrap (1.1.0)
    amazing_print (1.8.1)
    apple_id (1.6.4)
      json-jwt (~> 1.16)
      openid_connect (~> 2.2)
      rack-oauth2 (~> 2.0)
    ast (2.4.3)
    attr_required (1.0.2)
    aws-eventstream (1.4.0)
    aws-partitions (1.1132.0)
    aws-sdk-core (3.227.0)
      aws-eventstream (~> 1, >= 1.3.0)
      aws-partitions (~> 1, >= 1.992.0)
      aws-sigv4 (~> 1.9)
      base64
      jmespath (~> 1, >= 1.6.1)
      logger
    aws-sdk-kms (1.107.0)
      aws-sdk-core (~> 3, >= 3.227.0)
      aws-sigv4 (~> 1.5)
    aws-sdk-s3 (1.194.0)
      aws-sdk-core (~> 3, >= 3.227.0)
      aws-sdk-kms (~> 1)
      aws-sigv4 (~> 1.5)
    aws-sigv4 (1.12.1)
      aws-eventstream (~> 1, >= 1.0.2)
    base64 (0.3.0)
    bigdecimal (3.1.9)
    bindata (2.5.0)
    bindex (0.8.1)
    bootsnap (1.18.6)
      msgpack (~> 1.2)
    brakeman (7.1.0)
      racc
    brpoplpush-redis_script (0.1.3)
      concurrent-ruby (~> 1.0, >= 1.0.5)
      redis (>= 1.0, < 6)
    builder (3.3.0)
    bundler-audit (0.9.2)
      bundler (>= 1.2.0, < 3)
      thor (~> 1.0)
    byebug (12.0.0)
    case_transform (0.2)
      activesupport
    coderay (1.1.3)
    concurrent-ruby (1.3.4)
    connection_pool (2.4.1)
    crack (0.4.6)
      bigdecimal
      rexml
    crass (1.0.6)
    crowdin-api (1.12.0)
      open-uri (>= 0.1.0, < 0.2.0)
      rest-client (>= 2.0.0, < 2.2.0)
    csv (3.3.3)
    datadog (2.19.0)
      datadog-ruby_core_source (~> 3.4, >= 3.4.1)
      libdatadog (~> 18.1.0.1.0)
      libddwaf (~> 1.24.1.0.3)
      logger
      msgpack
    datadog-ruby_core_source (3.4.1)
    date (3.4.1)
    debug (1.11.0)
      irb (~> 1.10)
      reline (>= 0.3.8)
    declarative (0.0.20)
    diff-lcs (1.5.1)
    docile (1.4.1)
    dogstatsd-ruby (5.7.0)
    domain_name (0.5.20190701)
      unf (>= 0.0.5, < 1.0.0)
    dotenv (3.1.8)
    dotenv-rails (3.1.8)
      dotenv (= 3.1.8)
      railties (>= 6.1)
    equivalent-xml (0.6.0)
      nokogiri (>= 1.4.3)
    erb (5.0.1)
    erubi (1.13.1)
    factory_bot (6.5.4)
      activesupport (>= 6.1.0)
    factory_bot_rails (6.5.0)
      factory_bot (~> 6.5)
      railties (>= 6.1.0)
    faraday (2.13.1)
      faraday-net_http (>= 2.0, < 3.5)
      json
      logger
    faraday-follow_redirects (0.3.0)
      faraday (>= 1, < 3)
    faraday-net_http (3.4.0)
      net-http (>= 0.5.0)
    ffi (1.17.2)
    ffi (1.17.2-x86_64-linux-musl)
    file_validators (3.0.0)
      activemodel (>= 3.2)
      mime-types (>= 1.0)
    formatador (1.1.0)
    globalid (1.2.1)
      activesupport (>= 6.1)
    google-apis-analyticsreporting_v4 (0.17.0)
      google-apis-core (>= 0.15.0, < 2.a)
    google-apis-core (0.15.0)
      addressable (~> 2.5, >= 2.5.1)
      googleauth (~> 1.9)
      httpclient (>= 2.8.1, < 3.a)
      mini_mime (~> 1.0)
      representable (~> 3.0)
      retriable (>= 2.0, < 4.a)
      rexml
    google-cloud-env (2.3.0)
      base64 (~> 0.2)
      faraday (>= 1.0, < 3.a)
    google-logging-utils (0.2.0)
    googleauth (1.14.0)
      faraday (>= 1.0, < 3.a)
      google-cloud-env (~> 2.2)
      google-logging-utils (~> 0.1)
      jwt (>= 1.4, < 3.0)
      multi_json (~> 1.11)
      os (>= 0.9, < 2.0)
      signet (>= 0.16, < 2.a)
    guard (2.18.1)
      formatador (>= 0.2.4)
      listen (>= 2.7, < 4.0)
      lumberjack (>= 1.0.12, < 2.0)
      nenv (~> 0.1)
      notiffany (~> 0.0)
      pry (>= 0.13.0)
      shellany (~> 0.0)
      thor (>= 0.18.1)
    guard-compat (1.2.1)
    guard-rspec (4.7.3)
      guard (~> 2.1)
      guard-compat (~> 1.1)
      rspec (>= 2.99.0, < 4.0)
    guard-rubocop (1.5.0)
      guard (~> 2.0)
      rubocop (< 2.0)
    haml (6.2.3)
      temple (>= 0.8.2)
      thor
      tilt
    hashdiff (1.1.2)
    http-accept (1.7.0)
    http-cookie (1.0.7)
      domain_name (~> 0.5)
    httparty (0.23.1)
      csv
      mini_mime (>= 1.0.0)
      multi_xml (>= 0.5.2)
    httpclient (2.8.3)
    i18n (1.14.7)
      concurrent-ruby (~> 1.0)
    io-console (0.8.0)
    irb (1.15.2)
      pp (>= 0.6.0)
      rdoc (>= 4.0.0)
      reline (>= 0.4.2)
    jbuilder (2.13.0)
      actionview (>= 5.0.0)
      activesupport (>= 5.0.0)
    jmespath (1.6.2)
    json (2.12.0)
    json-jwt (1.16.6)
      activesupport (>= 4.2)
      aes_key_wrap
      base64
      bindata
      faraday (~> 2.0)
      faraday-follow_redirects
    jsonapi-renderer (0.2.2)
    jwt (2.10.2)
      base64
    language_server-protocol (3.17.0.5)
    libdatadog (18.1.0.1.0)
    libdatadog (18.1.0.1.0-x86_64-linux)
    libddwaf (1.24.1.0.3)
      ffi (~> 1.0)
    libddwaf (1.24.1.0.3-x86_64-linux)
      ffi (~> 1.0)
    lint_roller (1.1.0)
    listen (3.9.0)
      rb-fsevent (~> 0.10, >= 0.10.3)
      rb-inotify (~> 0.9, >= 0.9.10)
    logger (1.7.0)
    lograge (0.14.0)
      actionpack (>= 4)
      activesupport (>= 4)
      railties (>= 4)
      request_store (~> 1.0)
    loofah (2.24.1)
      crass (~> 1.0.2)
      nokogiri (>= 1.12.0)
    lumberjack (1.2.9)
    mail (2.8.1)
      mini_mime (>= 0.1.1)
      net-imap
      net-pop
      net-smtp
    marcel (1.0.4)
    method_source (1.1.0)
    mime-types (3.6.0)
      logger
      mime-types-data (~> 3.2015)
    mime-types-data (3.2024.1105)
    mini_mime (1.1.5)
    mini_portile2 (2.8.9)
    minitest (5.25.5)
    msgpack (1.8.0)
    multi_json (1.15.0)
    multi_xml (0.7.1)
      bigdecimal (~> 3.1)
    mustache (1.1.1)
    mustermann (3.0.3)
      ruby2_keywords (~> 0.0.1)
    nenv (0.3.0)
    net-http (0.6.0)
      uri
    net-imap (0.4.20)
      date
      net-protocol
    net-pop (0.1.2)
      net-protocol
    net-protocol (0.2.2)
      timeout
    net-smtp (0.5.0)
      net-protocol
    netrc (0.11.0)
    nio4r (2.7.4)
    nokogiri (1.18.9)
      mini_portile2 (~> 2.8.2)
      racc (~> 1.4)
    nokogiri (1.18.9-x86_64-linux-musl)
      racc (~> 1.4)
    notiffany (0.1.3)
      nenv (~> 0.1)
      shellany (~> 0.0)
    oj (3.16.11)
      bigdecimal (>= 3.0)
      ostruct (>= 0.2)
    open-uri (0.1.0)
    openid_connect (2.2.1)
      activemodel
      attr_required (>= 1.0.0)
      faraday (~> 2.0)
      faraday-follow_redirects
      json-jwt (>= 1.16)
      rack-oauth2 (~> 2.2)
      swd (~> 2.0)
      tzinfo
      validate_email
      validate_url
      webfinger (~> 2.0)
    os (1.1.4)
    ostruct (0.6.1)
    ougai (2.0.0)
      oj (~> 3.10)
    parallel (1.27.0)
    parser (3.3.8.0)
      ast (~> 2.4.1)
      racc
    pg (1.6.1)
    pg (1.6.1-x86_64-linux-musl)
    pp (0.6.2)
      prettyprint
    prettyprint (0.2.0)
    prism (1.4.0)
    pry (0.15.2)
      coderay (~> 1.1)
      method_source (~> 1.0)
    pry-byebug (3.11.0)
      byebug (~> 12.0)
      pry (>= 0.13, < 0.16)
    psych (5.2.6)
      date
      stringio
    public_suffix (5.1.1)
    puma (5.6.9)
      nio4r (~> 2.0)
    racc (1.8.1)
    rack (2.2.17)
    rack-cors (2.0.2)
      rack (>= 2.0.0)
    rack-oauth2 (2.2.1)
      activesupport
      attr_required
      faraday (~> 2.0)
      faraday-follow_redirects
      json-jwt (>= 1.11.0)
      rack (>= 2.1.0)
    rack-protection (3.2.0)
      base64 (>= 0.1.0)
      rack (~> 2.2, >= 2.2.4)
    rack-test (2.2.0)
      rack (>= 1.3)
    rails (7.0.8.7)
      actioncable (= 7.0.8.7)
      actionmailbox (= 7.0.8.7)
      actionmailer (= 7.0.8.7)
      actionpack (= 7.0.8.7)
      actiontext (= 7.0.8.7)
      actionview (= 7.0.8.7)
      activejob (= 7.0.8.7)
      activemodel (= 7.0.8.7)
      activerecord (= 7.0.8.7)
      activestorage (= 7.0.8.7)
      activesupport (= 7.0.8.7)
      bundler (>= 1.15.0)
      railties (= 7.0.8.7)
    rails-dom-testing (2.3.0)
      activesupport (>= 5.0.0)
      minitest
      nokogiri (>= 1.6)
    rails-html-sanitizer (1.6.2)
      loofah (~> 2.21)
      nokogiri (>= 1.15.7, != 1.16.7, != 1.16.6, != 1.16.5, != 1.16.4, != 1.16.3, != 1.16.2, != 1.16.1, != 1.16.0.rc1, != 1.16.0)
    railties (7.0.8.7)
      actionpack (= 7.0.8.7)
      activesupport (= 7.0.8.7)
      method_source
      rake (>= 12.2)
      thor (~> 1.0)
      zeitwerk (~> 2.5)
    rainbow (3.1.1)
    rake (13.3.0)
    rb-fsevent (0.11.2)
    rb-inotify (0.10.1)
      ffi (~> 1.0)
    rdoc (6.14.1)
      erb
      psych (>= 4.0.0)
    redis (4.8.1)
    regexp_parser (2.10.0)
    reline (0.6.1)
      io-console (~> 0.5)
    representable (3.2.0)
      declarative (< 0.1.0)
      trailblazer-option (>= 0.1.1, < 0.2.0)
      uber (< 0.2.0)
    request_store (1.5.1)
      rack (>= 1.4)
    rest-client (2.1.0)
      http-accept (>= 1.7.0, < 2.0)
      http-cookie (>= 1.0.2, < 2.0)
      mime-types (>= 1.16, < 4.0)
      netrc (~> 0.8)
    retriable (3.1.2)
    rexml (3.4.1)
    rollbar (3.6.2)
    rspec (3.13.1)
      rspec-core (~> 3.13.0)
      rspec-expectations (~> 3.13.0)
      rspec-mocks (~> 3.13.0)
    rspec-core (3.13.4)
      rspec-support (~> 3.13.0)
    rspec-expectations (3.13.5)
      diff-lcs (>= 1.2.0, < 2.0)
      rspec-support (~> 3.13.0)
    rspec-mocks (3.13.5)
      diff-lcs (>= 1.2.0, < 2.0)
      rspec-support (~> 3.13.0)
    rspec-rails (7.1.1)
      actionpack (>= 7.0)
      activesupport (>= 7.0)
      railties (>= 7.0)
      rspec-core (~> 3.13)
      rspec-expectations (~> 3.13)
      rspec-mocks (~> 3.13)
      rspec-support (~> 3.13)
    rspec-support (3.13.4)
    rspec_api_documentation (6.1.0)
      activesupport (>= 3.0.0)
      mustache (~> 1.0, >= 0.99.4)
      rspec (~> 3.0)
    rubocop (1.75.5)
      json (~> 2.3)
      language_server-protocol (~> 3.17.0.2)
      lint_roller (~> 1.1.0)
      parallel (~> 1.10)
      parser (>= 3.3.0.2)
      rainbow (>= 2.2.2, < 4.0)
      regexp_parser (>= 2.9.3, < 3.0)
      rubocop-ast (>= 1.44.0, < 2.0)
      ruby-progressbar (~> 1.7)
      unicode-display_width (>= 2.4.0, < 4.0)
    rubocop-ast (1.44.1)
      parser (>= 3.3.7.2)
      prism (~> 1.4)
    rubocop-performance (1.25.0)
      lint_roller (~> 1.1)
      rubocop (>= 1.75.0, < 2.0)
      rubocop-ast (>= 1.38.0, < 2.0)
    rubocop-rspec (3.6.0)
      lint_roller (~> 1.1)
      rubocop (~> 1.72, >= 1.72.1)
    ruby-progressbar (1.13.0)
    ruby2_keywords (0.0.5)
    rubyzip (2.4.1)
    shellany (0.0.1)
    sidekiq (6.5.12)
      connection_pool (>= 2.2.5, < 3)
      rack (~> 2.0)
      redis (>= 4.5.0, < 5)
    sidekiq-failures (1.0.4)
      sidekiq (>= 4.0.0)
    sidekiq-unique-jobs (7.1.33)
      brpoplpush-redis_script (> 0.1.1, <= 2.0.0)
      concurrent-ruby (~> 1.0, >= 1.0.5)
      redis (< 5.0)
      sidekiq (>= 5.0, < 7.0)
      thor (>= 0.20, < 3.0)
    signet (0.20.0)
      addressable (~> 2.8)
      faraday (>= 0.17.5, < 3.a)
      jwt (>= 1.5, < 3.0)
      multi_json (~> 1.10)
    simplecov (0.22.0)
      docile (~> 1.1)
      simplecov-html (~> 0.11)
      simplecov_json_formatter (~> 0.1)
    simplecov-cobertura (3.0.0)
      rexml
      simplecov (~> 0.19)
    simplecov-html (0.13.1)
    simplecov_json_formatter (0.1.4)
    simpleidn (0.2.1)
      unf (~> 0.1.4)
    sinatra (3.2.0)
      mustermann (~> 3.0)
      rack (~> 2.2, >= 2.2.4)
      rack-protection (= 3.2.0)
      tilt (~> 2.0)
    spring (4.2.1)
    spring-commands-rspec (1.0.4)
      spring (>= 0.9.1)
    standard (1.50.0)
      language_server-protocol (~> 3.17.0.2)
      lint_roller (~> 1.0)
      rubocop (~> 1.75.5)
      standard-custom (~> 1.0.0)
      standard-performance (~> 1.8)
    standard-custom (1.0.2)
      lint_roller (~> 1.0)
      rubocop (~> 1.50)
    standard-performance (1.8.0)
      lint_roller (~> 1.1)
      rubocop-performance (~> 1.25.0)
    stringio (3.1.7)
    swd (2.0.3)
      activesupport (>= 3)
      attr_required (>= 0.0.5)
      faraday (~> 2.0)
      faraday-follow_redirects
    temple (0.10.3)
    thor (1.4.0)
    tilt (2.6.0)
    timeout (0.4.3)
    trailblazer-option (0.1.2)
    tzinfo (2.0.6)
      concurrent-ruby (~> 1.0)
    uber (0.1.0)
    unf (0.1.4)
      unf_ext
    unf_ext (0.0.9.1)
    unicode-display_width (3.1.4)
      unicode-emoji (~> 4.0, >= 4.0.4)
    unicode-emoji (4.0.4)
    uri (0.13.2)
    validate_email (0.1.6)
      activemodel (>= 3.0)
      mail (>= 2.2.5)
    validate_url (1.0.15)
      activemodel (>= 3.0.0)
      public_suffix
    validates_email_format_of (1.8.2)
      i18n (>= 0.8.0)
      simpleidn
    web-console (4.2.1)
      actionview (>= 6.0.0)
      activemodel (>= 6.0.0)
      bindex (>= 0.4.0)
      railties (>= 6.0.0)
    webfinger (2.1.3)
      activesupport
      faraday (~> 2.0)
      faraday-follow_redirects
    webmock (3.25.1)
      addressable (>= 2.8.0)
      crack (>= 0.3.2)
      hashdiff (>= 0.4.0, < 2.0.0)
    websocket-driver (0.7.6)
      websocket-extensions (>= 0.1.0)
    websocket-extensions (0.1.5)
    zeitwerk (2.7.3)

PLATFORMS
  ruby
  x86_64-linux-musl

DEPENDENCIES
  action-cable-testing
  active_model_serializers (= 0.10.15)
  active_storage_validations
  adobe-campaign (~> 0.4)
  amazing_print
  apple_id
  aws-sdk-s3
  bootsnap
  brakeman
  bundler-audit
  concurrent-ruby (= 1.3.4)
  crowdin-api (~> 1.12.0)
  datadog
  debug
  dogstatsd-ruby (~> 5.3)
  dotenv-rails
  equivalent-xml (~> 0.6.0)
  factory_bot_rails
  file_validators
  google-apis-analyticsreporting_v4
  googleauth
  guard-rspec
  guard-rubocop
  httparty
  jbuilder
  jwt
  lograge
  nokogiri
  oj (~> 3.16.0)
  ougai (~> 2.0)
  pg
  pry-byebug
  puma (~> 5.0)
  rack-cors
  raddocs!
  rails (~> 7.0.8)
  redis (< 5)
  rest-client (~> 2.1.0)
  rollbar
  rspec
  rspec-rails (~> 7.0)
  rspec_api_documentation
  rubocop-rspec
  rubyzip (>= 1.2.2)
  sidekiq-failures
  sidekiq-pro (< 7.2.1)!
  sidekiq-unique-jobs
  simplecov-cobertura
  spring-commands-rspec
  standard
  tzinfo-data
  validates_email_format_of
  web-console
  webmock

CHECKSUMS
  action-cable-testing (0.6.1) sha256=2be297ea547b2d033507f0f8d18f382362ea2c1cc1505ef4cea6565440f2445a
  actioncable (7.0.8.7) sha256=4034513841df2fd09dbbf38f37c1a00fc6c841122a8714e5d6916b8d6ce2f162
  actionmailbox (7.0.8.7) sha256=940eeaa3d8e85dcd9fc6069e39571e13c5a4bdb0db52c7ab96d14da81d6ac1c2
  actionmailer (7.0.8.7) sha256=8be8f9a2f8774af89822bc92e1ab6df10b3a2be59c75486a34e86a1f10d88d14
  actionpack (7.0.8.7) sha256=40e6b1d687904a4fd2285d1fa3aad3d9a9d9ba8fd8858dd0faa9f4673c3f5e2c
  actiontext (7.0.8.7) sha256=cb75d2db97d5b2c8caccdc0f643541df36c2c53f076a2d49b226f971d8d528a0
  actionview (7.0.8.7) sha256=be975bc9c61903fe5da80a97c345271159033bcbba63988c7f27b6b8b98f7fed
  active_model_serializers (0.10.15) sha256=08275b2083ab4e8304279d838b99af546878e0d879a8154f731b0d16cb8b0c4c
  active_storage_validations (3.0.1) sha256=a8fc3b27b1e9001e6446215e3e0ebee3a07ef810197d5f0375e1538145909977
  activejob (7.0.8.7) sha256=eff4db3aeaee34863a47570089d11d5577ed0ea42b1475dc9be6a413be182a20
  activemodel (7.0.8.7) sha256=f13b04bb055c1e85b965ce40b0a2e671b8d97835083597bc7fbc04cde0f40a83
  activerecord (7.0.8.7) sha256=f94fc8510e58a18e462c5ee8862c9be75e2bfad0688e8d022b86a6e05df2a45a
  activestorage (7.0.8.7) sha256=ca411e73733a50983f44b0945bfd0612313beb3a8f914cd3a88e4fcd99399ef5
  activesupport (7.0.8.7) sha256=df4702375de924aae81709c831605317c5417f0bd9e502a0373ff84a067204ff
  addressable (2.8.7) sha256=462986537cf3735ab5f3c0f557f14155d778f4b43ea4f485a9deb9c8f7c58232
  adobe-campaign (0.4.4) sha256=621c51db7655c22fa9a16d792a5d9d8d077fe4cb0073e2fef6e107e4712a0909
  aes_key_wrap (1.1.0) sha256=b935f4756b37375895db45669e79dfcdc0f7901e12d4e08974d5540c8e0776a5
  amazing_print (1.8.1) sha256=f53b4e1881f53f9663cb222840c7a027d0e61d46cc908366965739559c0d6d68
  apple_id (1.6.4) sha256=9c05a2fd3b580e8f9382637ffb2dfc30be671f33d586c5b3849c82b09ed84759
  ast (2.4.3) sha256=954615157c1d6a382bc27d690d973195e79db7f55e9765ac7c481c60bdb4d383
  attr_required (1.0.2) sha256=f0ebfc56b35e874f4d0ae799066dbc1f81efefe2364ca3803dc9ea6a4de6cb99
  aws-eventstream (1.4.0) sha256=116bf85c436200d1060811e6f5d2d40c88f65448f2125bc77ffce5121e6e183b
  aws-partitions (1.1132.0) sha256=fd06db674fbcd282ce6610cf693f0da551506e2b19bf708a04f29b5b51abce9f
  aws-sdk-core (3.227.0) sha256=99071fc5e3ca9347873fd114574319740c3041745df3c74e27875bd912dfc79e
  aws-sdk-kms (1.107.0) sha256=1ca8e16a29459349c88f17108573fa577287a43d6f113fab0aafae79168ffe1d
  aws-sdk-s3 (1.194.0) sha256=44cf5e32ec7af4df68da2eab01eeb206514fc1e2991b08e87940fbf9cb9e006b
  aws-sigv4 (1.12.1) sha256=6973ff95cb0fd0dc58ba26e90e9510a2219525d07620c8babeb70ef831826c00
  base64 (0.3.0) sha256=27337aeabad6ffae05c265c450490628ef3ebd4b67be58257393227588f5a97b
  bigdecimal (3.1.9) sha256=2ffc742031521ad69c2dfc815a98e426a230a3d22aeac1995826a75dabfad8cc
  bindata (2.5.0) sha256=29dccb8ba1cc9de148f24bb88930840c62db56715f0f80eccadd624d9f3d2623
  bindex (0.8.1) sha256=7b1ecc9dc539ed8bccfc8cb4d2732046227b09d6f37582ff12e50a5047ceb17e
  bootsnap (1.18.6) sha256=0ae2393c1e911e38be0f24e9173e7be570c3650128251bf06240046f84a07d00
  brakeman (7.1.0) sha256=bbc708a75a53008490c8b9600b97fa85cb3d5a8818dd1560f18e0b89475d48af
  brpoplpush-redis_script (0.1.3) sha256=3411dc086d093908bf3d3ce3923cf764238171131a7dac334d1b56ec8bfca5d9
  builder (3.3.0) sha256=497918d2f9dca528fdca4b88d84e4ef4387256d984b8154e9d5d3fe5a9c8835f
  bundler-audit (0.9.2) sha256=73051daa09865c436450a35c4d87ceef15f3f9777f4aad4fd015cc6f1f2b1048
  byebug (12.0.0) sha256=d4a150d291cca40b66ec9ca31f754e93fed8aa266a17335f71bb0afa7fca1a1e
  case_transform (0.2) sha256=e2ad4418dceeb227cf474cc332cd5004c95c136c04186c1cceaad8ab8de6fe3b
  coderay (1.1.3) sha256=dc530018a4684512f8f38143cd2a096c9f02a1fc2459edcfe534787a7fc77d4b
  concurrent-ruby (1.3.4) sha256=d4aa926339b0a86b5b5054a0a8c580163e6f5dcbdfd0f4bb916b1a2570731c32
  connection_pool (2.4.1) sha256=0f40cf997091f1f04ff66da67eabd61a9fe0d4928b9a3645228532512fab62f4
  crack (0.4.6) sha256=ee251d0aab36ab196946b851fd129870d66bdde4855cfdb3078d86a619c28864
  crass (1.0.6) sha256=dc516022a56e7b3b156099abc81b6d2b08ea1ed12676ac7a5657617f012bd45d
  crowdin-api (1.12.0) sha256=7463551c429acaf465b8fc58aaf977f548e254e883753f85bdd330b0b61dc35b
  csv (3.3.3) sha256=7e2966befb7bdaf7d5e9b36e1de73e6a5e7a72f584f180a1726aec88a1b0a900
  datadog (2.19.0) sha256=a9fe198c7dc459531c94bf9fef4f4036153cb7fe5bdc91023354d000a326a21a
  datadog-ruby_core_source (3.4.1) sha256=fa40f1c3c8f764b6651a6443382b57d39aeb3c9f94b5af98f499bcfc678a2fb9
  date (3.4.1) sha256=bf268e14ef7158009bfeaec40b5fa3c7271906e88b196d958a89d4b408abe64f
  debug (1.11.0) sha256=1425db64cfa0130c952684e3dc974985be201dd62899bf4bbe3f8b5d6cf1aef2
  declarative (0.0.20) sha256=8021dd6cb17ab2b61233c56903d3f5a259c5cf43c80ff332d447d395b17d9ff9
  diff-lcs (1.5.1) sha256=273223dfb40685548436d32b4733aa67351769c7dea621da7d9dd4813e63ddfe
  docile (1.4.1) sha256=96159be799bfa73cdb721b840e9802126e4e03dfc26863db73647204c727f21e
  dogstatsd-ruby (5.7.0) sha256=9c1e3b56e373e3f0e8d2ce258eeed89a93d7f5ff596e518fa0cf8790bfe8758e
  domain_name (0.5.20190701) sha256=000a600454cb4a344769b2f10b531765ea7bd3a304fe47ed12e5ca1eab969851
  dotenv (3.1.8) sha256=9e1176060ced581f8e6ce4384e91361817763a76e3c625c8bddc18b35bd392c3
  dotenv-rails (3.1.8) sha256=46c9d1226a8b58a83b5f61325aa8cffd25cea1c0fafdfbbbee1e5dfea77980c4
  equivalent-xml (0.6.0) sha256=8919761efa848ad0846369ff8be1f646b17e5061698c4867b09829000cc3f487
  erb (5.0.1) sha256=760439803b36cc93eca8a266aab614614e588024a89bc30a62e78d98ff452c23
  erubi (1.13.1) sha256=a082103b0885dbc5ecf1172fede897f9ebdb745a4b97a5e8dc63953db1ee4ad9
  factory_bot (6.5.4) sha256=4707fb7d80a7c14d71feb069460587bfc342e4ff1ef28097e0ad69d5ddfce613
  factory_bot_rails (6.5.0) sha256=4a7b61635424a57cc60412a18b72b9dcfb02fabfce2c930447a01dce8b37c0a2
  faraday (2.13.1) sha256=cc531eb5467e7d74d4517630fa96f1a7003647cbf20a9a3e067d098941217b75
  faraday-follow_redirects (0.3.0) sha256=d92d975635e2c7fe525dd494fcd4b9bb7f0a4a0ec0d5f4c15c729530fdb807f9
  faraday-net_http (3.4.0) sha256=a1f1e4cd6a2cf21599c8221595e27582d9936819977bbd4089a601f24c64e54a
  ffi (1.17.2) sha256=297235842e5947cc3036ebe64077584bff583cd7a4e94e9a02fdec399ef46da6
  ffi (1.17.2-x86_64-linux-musl) sha256=97c0eb3981414309285a64dc4d466bd149e981c279a56371ef811395d68cb95c
  file_validators (3.0.0) sha256=43700f0c1fe9b235bf7f4701375e1d2f9391352ab26723f123b934724db8067b
  formatador (1.1.0) sha256=54e23e2af4d60bb9327c7fac62b29968e4cf28cee0111f726d0bdeadc85e06d0
  globalid (1.2.1) sha256=70bf76711871f843dbba72beb8613229a49429d1866828476f9c9d6ccc327ce9
  google-apis-analyticsreporting_v4 (0.17.0) sha256=e902b6cae7139f4fd8ab32950c2ae7ff8034131a7257e4064dbe332581ee0221
  google-apis-core (0.15.0) sha256=9c95ee9068c6b1fb3f8698b2856f53a031c3a68e886d074cc2e9a482e070a6e4
  google-cloud-env (2.3.0) sha256=db80b120fc163d1b83ffe8c0bc82e9ad0025ef0d51d987068c7278677ee5caf7
  google-logging-utils (0.2.0) sha256=675462b4ea5affa825a3442694ca2d75d0069455a1d0956127207498fca3df7b
  googleauth (1.14.0) sha256=62e7de11791890c3d3dc70582dfd9ab5516530e4e4f56d96451fd62c76475149
  guard (2.18.1) sha256=a3893d3b23d538a9b2d6f05a27713e0ed53ea881df0f0550b21a3393c6d87c09
  guard-compat (1.2.1) sha256=3ad21ab0070107f92edfd82610b5cdc2fb8e368851e72362ada9703443d646fe
  guard-rspec (4.7.3) sha256=a47ba03cbd1e3c71e6ae8645cea97e203098a248aede507461a43e906e2f75ca
  guard-rubocop (1.5.0) sha256=3041d796dcb5ee31e352de74732250826f5f235b4ff48df9dbf424a6dc736251
  haml (6.2.3) sha256=ff4c7ea6b65012a815ec95577f8ace9ef7ce2fc0f160dd30550f0c65e9abddc4
  hashdiff (1.1.2) sha256=2c30eeded6ed3dce8401d2b5b99e6963fe5f14ed85e60dd9e33c545a44b71a77
  http-accept (1.7.0) sha256=c626860682bfbb3b46462f8c39cd470fd7b0584f61b3cc9df5b2e9eb9972a126
  http-cookie (1.0.7) sha256=cb7a399f3344f720b8a0f3b0765f29b62608ebb9c3ce4abf4d6eeff2caf42253
  httparty (0.23.1) sha256=3ac1dd62f2010f6ece551716f5ceec2b2012011d89f1751917ab7f724e966b55
  httpclient (2.8.3) sha256=2951e4991214464c3e92107e46438527d23048e634f3aee91c719e0bdfaebda6
  i18n (1.14.7) sha256=ceba573f8138ff2c0915427f1fc5bdf4aa3ab8ae88c8ce255eb3ecf0a11a5d0f
  io-console (0.8.0) sha256=cd6a9facbc69871d69b2cb8b926fc6ea7ef06f06e505e81a64f14a470fddefa2
  irb (1.15.2) sha256=222f32952e278da34b58ffe45e8634bf4afc2dc7aa9da23fed67e581aa50fdba
  jbuilder (2.13.0) sha256=7200a38a1c0081aa81b7a9757e7a299db75bc58cf1fd45ca7919a91627d227d6
  jmespath (1.6.2) sha256=238d774a58723d6c090494c8879b5e9918c19485f7e840f2c1c7532cf84ebcb1
  json (2.12.0) sha256=b30fce000756de94c756679c7e57ed41f03f8cc8dde2d2dc00a7c44005da0a50
  json-jwt (1.16.6) sha256=ab451f9cd8743cecc4137f4170806046c1d8a6d4ee6e8570e0b5c958409b266c
  jsonapi-renderer (0.2.2) sha256=b5c44b033d61b4abdb6500fa4ab84807ca0b36ea0e59e47a2c3ca7095a6e447b
  jwt (2.10.2) sha256=31e1ee46f7359883d5e622446969fe9c118c3da87a0b1dca765ce269c3a0c4f4
  language_server-protocol (3.17.0.5) sha256=fd1e39a51a28bf3eec959379985a72e296e9f9acfce46f6a79d31ca8760803cc
  libdatadog (18.1.0.1.0) sha256=fbdd74d24c2474544418f183a31725c4ee4da85341c1310dcbe292c5ec151b09
  libdatadog (18.1.0.1.0-x86_64-linux) sha256=e5c2a5b0d15aa1edd426a62f687b0efbad6d63592a7022bcbecb735b91d7e048
  libddwaf (1.24.1.0.3) sha256=357395b48365011634e214a235b8b6ebe90ccdca9f8f3103a38451d5bf82c0c1
  libddwaf (1.24.1.0.3-x86_64-linux) sha256=94443ec54a1f3555a978f3acddac65039ee7f4c563bbeba97b99ce1eba3a7c67
  lint_roller (1.1.0) sha256=2c0c845b632a7d172cb849cc90c1bce937a28c5c8ccccb50dfd46a485003cc87
  listen (3.9.0) sha256=db9e4424e0e5834480385197c139cb6b0ae0ef28cc13310cfd1ca78377d59c67
  logger (1.7.0) sha256=196edec7cc44b66cfb40f9755ce11b392f21f7967696af15d274dde7edff0203
  lograge (0.14.0) sha256=42371a75823775f166f727639f5ddce73dd149452a55fc94b90c303213dc9ae1
  loofah (2.24.1) sha256=655a30842b70ec476410b347ab1cd2a5b92da46a19044357bbd9f401b009a337
  lumberjack (1.2.9) sha256=e832156f36a2e2ea336752753b26f046b4dec733af94245e0699d88fc118835c
  mail (2.8.1) sha256=ec3b9fadcf2b3755c78785cb17bc9a0ca9ee9857108a64b6f5cfc9c0b5bfc9ad
  marcel (1.0.4) sha256=0d5649feb64b8f19f3d3468b96c680bae9746335d02194270287868a661516a4
  method_source (1.1.0) sha256=181301c9c45b731b4769bc81e8860e72f9161ad7d66dd99103c9ab84f560f5c5
  mime-types (3.6.0) sha256=6f71db957840ceae44211531eff3e2f7e0dd4645fefb5f535dbaeb6307ab6464
  mime-types-data (3.2024.1105) sha256=1f6fc1b0744205c0ec6d4cdda207b748b4d28879fa51a35ac73203daa884c4c1
  mini_mime (1.1.5) sha256=8681b7e2e4215f2a159f9400b5816d85e9d8c6c6b491e96a12797e798f8bccef
  mini_portile2 (2.8.9) sha256=0cd7c7f824e010c072e33f68bc02d85a00aeb6fce05bb4819c03dfd3c140c289
  minitest (5.25.5) sha256=391b6c6cb43a4802bfb7c93af1ebe2ac66a210293f4a3fb7db36f2fc7dc2c756
  msgpack (1.8.0) sha256=e64ce0212000d016809f5048b48eb3a65ffb169db22238fb4b72472fecb2d732
  multi_json (1.15.0) sha256=1fd04138b6e4a90017e8d1b804c039031399866ff3fbabb7822aea367c78615d
  multi_xml (0.7.1) sha256=4fce100c68af588ff91b8ba90a0bb3f0466f06c909f21a32f4962059140ba61b
  mustache (1.1.1) sha256=90891fdd50b53919ca334c8c1031eada1215e78d226d5795e523d6123a2717d0
  mustermann (3.0.3) sha256=d1f8e9ba2ddaed47150ddf81f6a7ea046826b64c672fbc92d83bce6b70657e88
  nenv (0.3.0) sha256=d9de6d8fb7072228463bf61843159419c969edb34b3cef51832b516ae7972765
  net-http (0.6.0) sha256=9621b20c137898af9d890556848c93603716cab516dc2c89b01a38b894e259fb
  net-imap (0.4.20) sha256=ccbfbf8e71fbda48a69daf2e3308f3c878b342b13a404c7f909f4ffa09489e22
  net-pop (0.1.2) sha256=848b4e982013c15b2f0382792268763b748cce91c9e91e36b0f27ed26420dff3
  net-protocol (0.2.2) sha256=aa73e0cba6a125369de9837b8d8ef82a61849360eba0521900e2c3713aa162a8
  net-smtp (0.5.0) sha256=5fc0415e6ea1cc0b3dfea7270438ec22b278ca8d524986a3ae4e5ae8d087b42a
  netrc (0.11.0) sha256=de1ce33da8c99ab1d97871726cba75151113f117146becbe45aa85cb3dabee3f
  nio4r (2.7.4) sha256=d95dee68e0bb251b8ff90ac3423a511e3b784124e5db7ff5f4813a220ae73ca9
  nokogiri (1.18.9) sha256=ac5a7d93fd0e3cef388800b037407890882413feccca79eb0272a2715a82fa33
  nokogiri (1.18.9-x86_64-linux-musl) sha256=e69359d6240c17e64cc9f43970d54f13bfc7b8cc516b819228f687e953425e69
  notiffany (0.1.3) sha256=d37669605b7f8dcb04e004e6373e2a780b98c776f8eb503ac9578557d7808738
  oj (3.16.11) sha256=2aab609d2bc896529bd3c70d737f591c13932a640ba6164a0f7e414efdb052b1
  open-uri (0.1.0) sha256=a45d7327cb6a15ff3d6466e59a68b3c3407054de4fa72c36acbe837a10903e00
  openid_connect (2.2.1) sha256=31264e85b5a36e33dff5e31560cc176175c26f30c260d7e95af93ff0065f3101
  os (1.1.4) sha256=57816d6a334e7bd6aed048f4b0308226c5fb027433b67d90a9ab435f35108d3f
  ostruct (0.6.1) sha256=09a3fb7ecc1fa4039f25418cc05ae9c82bd520472c5c6a6f515f03e4988cb817
  ougai (2.0.0) sha256=2e8d522b901cb6a818ebf6b5492c237538fb4a3f5cd2e333d391663aaa7eb67e
  parallel (1.27.0) sha256=4ac151e1806b755fb4e2dc2332cbf0e54f2e24ba821ff2d3dcf86bf6dc4ae130
  parser (3.3.8.0) sha256=2476364142b307fa5a1b1ece44f260728be23858a9c71078e956131a75453c45
  pg (1.6.1) sha256=e210a75e5f702954537e73bb82f90dfbe0c6d9273c018cd0e93e779181028e6b
  pg (1.6.1-x86_64-linux-musl) sha256=419a8e971ef122fb758a296424cb245a369c05a797b6c4787902d7d30eefa494
  pp (0.6.2) sha256=947ec3120c6f92195f8ee8aa25a7b2c5297bb106d83b41baa02983686577b6ff
  prettyprint (0.2.0) sha256=2bc9e15581a94742064a3cc8b0fb9d45aae3d03a1baa6ef80922627a0766f193
  prism (1.4.0) sha256=dc0e3e00e93160213dc2a65519d9002a4a1e7b962db57d444cf1a71565bb703e
  pry (0.15.2) sha256=12d54b8640d3fa29c9211dd4ffb08f3fd8bf7a4fd9b5a73ce5b59c8709385b6b
  pry-byebug (3.11.0) sha256=0b0abb7d309bc7f00044d512a3c8567274f7012b944b38becc8440439a1cea72
  psych (5.2.6) sha256=814328aa5dcb6d604d32126a20bc1cbcf05521a5b49dbb1a8b30a07e580f316e
  public_suffix (5.1.1) sha256=250ec74630d735194c797491c85e3c6a141d7b5d9bd0b66a3fa6268cf67066ed
  puma (5.6.9) sha256=20701b2451080ec8d6d78d2e4b5a2913e6d0b865a51d704a4d60db8fd39a4228
  racc (1.8.1) sha256=4a7f6929691dbec8b5209a0b373bc2614882b55fc5d2e447a21aaa691303d62f
  rack (2.2.17) sha256=5fe02a1ca80d6fb2271dba00985ee2962d6f5620b6f46dfed89f5301ac4699dd
  rack-cors (2.0.2) sha256=415d4e1599891760c5dc9ef0349c7fecdf94f7c6a03e75b2e7c2b54b82adda1b
  rack-oauth2 (2.2.1) sha256=c73aa87c508043e2258f02b4fb110cacba9b37d2ccf884e22487d014a120d1a5
  rack-protection (3.2.0) sha256=3c74ba7fc59066453d61af9bcba5b6fe7a9b3dab6f445418d3b391d5ea8efbff
  rack-test (2.2.0) sha256=005a36692c306ac0b4a9350355ee080fd09ddef1148a5f8b2ac636c720f5c463
  raddocs (2.3.1)
  rails (7.0.8.7) sha256=5e67ed4dd915746349bfb8c7ae2f531d3a36eb68fbe2f60ede02a0500715cded
  rails-dom-testing (2.3.0) sha256=8acc7953a7b911ca44588bf08737bc16719f431a1cc3091a292bca7317925c1d
  rails-html-sanitizer (1.6.2) sha256=35fce2ca8242da8775c83b6ba9c1bcaad6751d9eb73c1abaa8403475ab89a560
  railties (7.0.8.7) sha256=1ab985280b02bc4b176d36e1011148db600b763c646e3de88c02a665d864505f
  rainbow (3.1.1) sha256=039491aa3a89f42efa1d6dec2fc4e62ede96eb6acd95e52f1ad581182b79bc6a
  rake (13.3.0) sha256=96f5092d786ff412c62fde76f793cc0541bd84d2eb579caa529aa8a059934493
  rb-fsevent (0.11.2) sha256=43900b972e7301d6570f64b850a5aa67833ee7d87b458ee92805d56b7318aefe
  rb-inotify (0.10.1) sha256=050062d4f31d307cca52c3f6a7f4b946df8de25fc4bd373e1a5142e41034a7ca
  rdoc (6.14.1) sha256=905efa796cd296ef252af4fb31fe41c073dee894de6aad715821f335c632516b
  redis (4.8.1) sha256=387ee086694fffc9632aaeb1efe4a7b1627ca783bf373320346a8a20cd93333a
  regexp_parser (2.10.0) sha256=cb6f0ddde88772cd64bff1dbbf68df66d376043fe2e66a9ef77fcb1b0c548c61
  reline (0.6.1) sha256=1afcc9d7cb1029cdbe780d72f2f09251ce46d3780050f3ec39c3ccc6b60675fb
  representable (3.2.0) sha256=cc29bf7eebc31653586849371a43ffe36c60b54b0a6365b5f7d95ec34d1ebace
  request_store (1.5.1) sha256=07a204d161590789f2b1d27f9f0eadcdecd6d868cb2f03240250e1bc747df78e
  rest-client (2.1.0) sha256=35a6400bdb14fae28596618e312776c158f7ebbb0ccad752ff4fa142bf2747e3
  retriable (3.1.2) sha256=0a5a5d0ca4ba61a76fb31a17ab8f7f80281beb040c329d34dfc137a1398688e0
  rexml (3.4.1) sha256=c74527a9a0a04b4ec31dbe0dc4ed6004b960af943d8db42e539edde3a871abca
  rollbar (3.6.2) sha256=f74de2cb146bfadfc7ae76ce3516f9b08a56e818684232b8b38552b50ee51a63
  rspec (3.13.1) sha256=b9f9a58fa915b8d94a1d6b3195fe6dd28c4c34836a6097015142c4a9ace72140
  rspec-core (3.13.4) sha256=f9da156b7b775c82610a7b580624df51a55102f8c8e4a103b98f5d7a9fa23958
  rspec-expectations (3.13.5) sha256=33a4d3a1d95060aea4c94e9f237030a8f9eae5615e9bd85718fe3a09e4b58836
  rspec-mocks (3.13.5) sha256=e4338a6f285ada9fe56f5893f5457783af8194f5d08884d17a87321d5195ea81
  rspec-rails (7.1.1) sha256=e15dccabed211e2fd92f21330c819adcbeb1591c1d66c580d8f2d8288557e331
  rspec-support (3.13.4) sha256=184b1814f6a968102b57df631892c7f1990a91c9a3b9e80ef892a0fc2a71a3f7
  rspec_api_documentation (6.1.0) sha256=e17b041758421c97c21c583511642843352a960cfe44c075d4285529ff6c2193
  rubocop (1.75.5) sha256=6ada7c8635023d81dace453da1e3a573455a277d49c3cba30813f32b423be97d
  rubocop-ast (1.44.1) sha256=e3cc04203b2ef04f6d6cf5f85fe6d643f442b18cc3b23e3ada0ce5b6521b8e92
  rubocop-performance (1.25.0) sha256=6f7d03568a770054117a78d0a8e191cefeffb703b382871ca7743831b1a52ec1
  rubocop-rspec (3.6.0) sha256=c0e4205871776727e54dee9cc91af5fd74578001551ba40e1fe1a1ab4b404479
  ruby-progressbar (1.13.0) sha256=80fc9c47a9b640d6834e0dc7b3c94c9df37f08cb072b7761e4a71e22cff29b33
  ruby2_keywords (0.0.5) sha256=ffd13740c573b7301cf7a2e61fc857b2a8e3d3aff32545d6f8300d8bae10e3ef
  rubyzip (2.4.1) sha256=8577c88edc1fde8935eb91064c5cb1aef9ad5494b940cf19c775ee833e075615
  shellany (0.0.1) sha256=0e127a9132698766d7e752e82cdac8250b6adbd09e6c0a7fbbb6f61964fedee7
  sidekiq (6.5.12) sha256=b4f93b2204c42220d0b526a7b8e0c49b5f9da82c1ce1a05d2baf1e8f744c197f
  sidekiq-failures (1.0.4) sha256=a2322ebd998d3a17fb5fe680347c0909e53426ed259b126116ac51adaa435fa1
  sidekiq-pro (5.5.8) sha256=4a0cfa532f1f9a0002a749d6b26a934a4be2105743e7521651a8dd976aa09468
  sidekiq-unique-jobs (7.1.33) sha256=20054bf240a78ee0583585c45ad2e2acb2aca46720e1ae530f7f08d01d3fa1aa
  signet (0.20.0) sha256=bc660e2a6062311348cd35ec1ffafde1c5e2231213e1ca124f57aa4f59ec47a3
  simplecov (0.22.0) sha256=fe2622c7834ff23b98066bb0a854284b2729a569ac659f82621fc22ef36213a5
  simplecov-cobertura (3.0.0) sha256=ba158d232c58045da5c4d5d9d03cc4ecadbf456792b4d0ff7e76373fdb2ef25a
  simplecov-html (0.13.1) sha256=5dab0b7ee612e60e9887ad57693832fdf4695b4c0c859eaea5f95c18791ef10b
  simplecov_json_formatter (0.1.4) sha256=529418fbe8de1713ac2b2d612aa3daa56d316975d307244399fa4838c601b428
  simpleidn (0.2.1) sha256=35dda985b761dff5751fefa7fba02e477427c975d47b11c4c4ffaf01afe1c719
  sinatra (3.2.0) sha256=6e727f4d034e87067d9aab37f328021d7c16722ffd293ef07b6e968915109807
  spring (4.2.1) sha256=8517a24d7ac966c8e051b63a67c68cbfc026c74cc0742e19f0fba472ebe0a5ae
  spring-commands-rspec (1.0.4) sha256=6202e54fa4767452e3641461a83347645af478bf45dddcca9737b43af0dd1a2c
  standard (1.50.0) sha256=b6c67f61fd6cedeec90ee338c6e913d9ccc4c467660ad1575da8aa6ba10f4aec
  standard-custom (1.0.2) sha256=424adc84179a074f1a2a309bb9cf7cd6bfdb2b6541f20c6bf9436c0ba22a652b
  standard-performance (1.8.0) sha256=ed17b7d0e061b2a19a91dd434bef629439e2f32310f22f26acb451addc92b788
  stringio (3.1.7) sha256=5b78b7cb242a315fb4fca61a8255d62ec438f58da2b90be66048546ade4507fa
  swd (2.0.3) sha256=4cdbe2a4246c19f093fce22e967ec3ebdd4657d37673672e621bf0c7eb770655
  temple (0.10.3) sha256=df3145fe6577af1e25387eb7f7122d32ed51bdb6f2e7bb0f4fbf07b66151913b
  thor (1.4.0) sha256=8763e822ccb0f1d7bee88cde131b19a65606657b847cc7b7b4b82e772bcd8a3d
  tilt (2.6.0) sha256=263d748466e0d83e510aa1a2e2281eff547937f0ef06be33d3632721e255f76b
  timeout (0.4.3) sha256=9509f079b2b55fe4236d79633bd75e34c1c1e7e3fb4b56cb5fda61f80a0fe30e
  trailblazer-option (0.1.2) sha256=20e4f12ea4e1f718c8007e7944ca21a329eee4eed9e0fa5dde6e8ad8ac4344a3
  tzinfo (2.0.6) sha256=8daf828cc77bcf7d63b0e3bdb6caa47e2272dcfaf4fbfe46f8c3a9df087a829b
  uber (0.1.0) sha256=5beeb407ff807b5db994f82fa9ee07cfceaa561dad8af20be880bc67eba935dc
  unf (0.1.4) sha256=4999517a531f2a955750f8831941891f6158498ec9b6cb1c81ce89388e63022e
  unf_ext (0.0.9.1) sha256=926114a858934126c6bbfd3254347dadb5dae354711869368c0f75e3765fc6e9
  unicode-display_width (3.1.4) sha256=8caf2af1c0f2f07ec89ef9e18c7d88c2790e217c482bfc78aaa65eadd5415ac1
  unicode-emoji (4.0.4) sha256=2c2c4ef7f353e5809497126285a50b23056cc6e61b64433764a35eff6c36532a
  uri (0.13.2) sha256=a557196e652011bcff0b36d29f9e427fefcf60cc35c0ab8cce08768a6287e457
  validate_email (0.1.6) sha256=9dfe9016d527b17a8d3a6e95e4dc50a125400eef899d13d4cc2a254393f82ee4
  validate_url (1.0.15) sha256=72fe164c0713d63a9970bd6700bea948babbfbdcec392f2342b6704042f57451
  validates_email_format_of (1.8.2) sha256=e2dfcf3e933547d06c41dacf066c7b07614819439c8780c3a2521ce047052577
  web-console (4.2.1) sha256=e7bcf37a10ea2b4ec4281649d1cee461b32232d0a447e82c786e6841fd22fe20
  webfinger (2.1.3) sha256=567a52bde77fb38ca6b67e55db755f988766ec4651c1d24916a65aa70540695c
  webmock (3.25.1) sha256=ab9d5d9353bcbe6322c83e1c60a7103988efc7b67cd72ffb9012629c3d396323
  websocket-driver (0.7.6) sha256=f69400be7bc197879726ad8e6f5869a61823147372fd8928836a53c2c741d0db
  websocket-extensions (0.1.5) sha256=1c6ba63092cda343eb53fc657110c71c754c56484aad42578495227d717a8241
  zeitwerk (2.7.3) sha256=b2e86b4a9b57d26ba68a15230dcc7fe6f040f06831ce64417b0621ad96ba3e85

RUBY VERSION
   ruby 3.2.8p263

BUNDLED WITH
   2.6.8
